GEM
  remote: https://rubygems.org/
  specs:
    coffee-script (2.2.0)
      coffee-script-source
      execjs
    coffee-script-source (1.6.1)
    execjs (1.4.0)
      multi_json (~> 1.0)
    haml (4.0.0)
      tilt
    hike (1.2.1)
    multi_json (1.6.1)
    rack (1.5.2)
    rake (10.0.3)
    sass (3.2.6)
    sprockets (2.9.0)
      hike (~> 1.2)
      multi_json (~> 1.0)
      rack (~> 1.0)
      tilt (~> 1.1, != 1.3.0)
    sprockets-sass (0.9.1)
      sprockets (~> 2.0)
      tilt (~> 1.1)
    tilt (1.3.4)

PLATFORMS
  ruby

DEPENDENCIES
  coffee-script
  haml
  rake
  sass
  sprockets
  sprockets-sass
